GEM
  remote: https://rubygems.org/
  specs:
    translit (0.1.5)

PLATFORMS
  ruby

DEPENDENCIES
  translit

BUNDLED WITH
   1.17.2
